GIT
  remote: git://github.com/jgamsan/spree_addings_for_rodaben.git
  revision: 692b40528e711fd227b022c2dc1de50e01c46954
  specs:
    spree_addings_for_rodaben (1.1.2)
      spree_core (>= 1.0.0)

GIT
  remote: git://github.com/jgamsan/spree_contact_us.git
  revision: f99703c8bc741681931a812dd6755a9a982811fc
  specs:
    spree_contact_us (1.1.0)
      spree_core (>= 1.0.0)

GIT
  remote: git://github.com/jgamsan/spree_cycle.git
  revision: 1c24a3a4504e258dc7cb90261d8e5989572bf41f
  specs:
    spree_cycle (1.1.1)
      spree_core (>= 1.0.0)

GIT
  remote: git://github.com/jgamsan/spree_i18n.git
  revision: b4abb903fe84f4c4619f987b641addce43defbd3
  specs:
    spree_i18n (1.0.0)
      i18n (~> 0.5)
      spree (>= 1.0.0)

GIT
  remote: git://github.com/jgamsan/spree_load_tires_for_rodaben.git
  revision: f634e194aa50d691aedfcc9778b3475a3bd24783
  specs:
    spree_load_tires_for_rodaben (1.1.2)
      mechanize
      spree_core (>= 1.0.0)

GIT
  remote: git://github.com/jgamsan/spree_news.git
  revision: c747bc4dcf821eba9719a938001ac31dc7048b54
  specs:
    spree_news (0.0.5)
      haml
      spree_core (>= 1.0.0)

GIT
  remote: git://github.com/jgamsan/spree_search_rodaben.git
  revision: fc7840c366fe3988a0515f37587111149b8c5736
  specs:
    spree_search_rodaben (1.1.1)
      spree_core (>= 1.0.0)

GIT
  remote: git://github.com/jgamsan/spree_suppliers.git
  revision: 70469265b38985d843ff193baef6cb47a368e4e1
  specs:
    spree_suppliers (1.1.3)
      spree_core (>= 1.1.3)

GIT
  remote: git://github.com/jgamsan/spree_workshop.git
  revision: e1d572d85bb279d17044cb7687d9a4a650b0aff4
  specs:
    spree_workshop (1.2.0)
      spree_core (>= 1.2.0)

GIT
  remote: git://github.com/spree/spree_auth_devise
  revision: b8de23d97f3ec417f9aad44ec0395240b782030c
  specs:
    spree_auth_devise (1.0.0)
      cancan (= 1.6.7)
      devise (~> 2.0.4)
      spree_core

GIT
  remote: git://github.com/spree/spree_paypal_express.git
  revision: e7f3e3f4ad867cd069e6c556bd256ec1504b6967
  specs:
    spree_paypal_express (1.2.0)
      spree_core (~> 1.2)

GEM
  remote: https://rubygems.org/
  specs:
    actionmailer (3.2.9)
      actionpack (= 3.2.9)
      mail (~> 2.4.4)
    actionpack (3.2.9)
      activemodel (= 3.2.9)
      activesupport (= 3.2.9)
      builder (~> 3.0.0)
      erubis (~> 2.7.0)
      journey (~> 1.0.4)
      rack (~> 1.4.0)
      rack-cache (~> 1.2)
      rack-test (~> 0.6.1)
      sprockets (~> 2.2.1)
    active_utils (1.0.5)
      activesupport (>= 2.3.11)
      i18n
    activemerchant (1.28.0)
      active_utils (>= 1.0.2)
      activesupport (>= 2.3.11)
      builder (>= 2.0.0)
      i18n
      json (>= 1.5.1)
      money
      nokogiri
    activemodel (3.2.9)
      activesupport (= 3.2.9)
      builder (~> 3.0.0)
    activerecord (3.2.9)
      activemodel (= 3.2.9)
      activesupport (= 3.2.9)
      arel (~> 3.0.2)
      tzinfo (~> 0.3.29)
    activeresource (3.2.9)
      activemodel (= 3.2.9)
      activesupport (= 3.2.9)
    activesupport (3.2.9)
      i18n (~> 0.6)
      multi_json (~> 1.0)
    acts_as_list (0.1.4)
    addressable (2.3.2)
    akami (1.2.0)
      gyoku (>= 0.4.0)
      nokogiri (>= 1.4.0)
    arel (3.0.2)
    awesome_nested_set (2.1.4)
      activerecord (>= 3.0.0)
    awesome_print (1.0.2)
    aws-sdk (1.3.9)
      httparty (~> 0.7)
      json (~> 1.4)
      nokogiri (>= 1.4.4)
      uuidtools (~> 2.1)
    bcrypt-ruby (3.0.1)
    bootstrap-sass (2.2.1.1)
      sass (~> 3.2)
    boson (1.2.4)
    builder (3.0.4)
    bullet (4.2.0)
      uniform_notifier
    cancan (1.6.7)
    capistrano (2.13.5)
      highline
      net-scp (>= 1.0.0)
      net-sftp (>= 2.0.0)
      net-ssh (>= 2.0.14)
      net-ssh-gateway (>= 1.1.0)
    capistrano-unicorn (0.1.6)
      capistrano
    chronic (0.6.7)
    clipboard (1.0.1)
    cocaine (0.4.2)
    coderay (1.0.8)
    coffee-rails (3.2.2)
      coffee-script (>= 2.2.0)
      railties (~> 3.2.0)
    coffee-script (2.2.0)
      coffee-script-source
      execjs
    coffee-script-source (1.4.0)
    css3-progress-bar-rails (0.4.0)
      rails (>= 3.1)
    css_parser (1.2.6)
      addressable
      rdoc
    deface (0.9.1)
      nokogiri (~> 1.5.0)
      rails (~> 3.1)
    devise (2.0.4)
      bcrypt-ruby (~> 3.0)
      orm_adapter (~> 0.0.3)
      railties (~> 3.1)
      warden (~> 1.1.1)
    devise-i18n (0.5.11)
    domain_name (0.5.4)
      unf (~> 0.0.3)
    erubis (2.7.0)
    every_day_irb (1.3.0)
    execjs (1.4.0)
      multi_json (~> 1.0)
    fancy_irb (0.7.2)
      paint (>= 0.8.1)
      unicode-display_width (>= 0.1.1)
    ffaker (1.12.1)
    foreman (0.60.2)
      thor (>= 0.13.6)
    g (1.7.1)
    gyoku (0.4.6)
      builder (>= 2.1.2)
    haml (3.1.7)
    haml-rails (0.3.5)
      actionpack (>= 3.1, < 4.1)
      activesupport (>= 3.1, < 4.1)
      haml (~> 3.1)
      railties (>= 3.1, < 4.1)
    highline (1.6.11)
    hike (1.2.1)
    hirb (0.7.0)
    httparty (0.8.3)
      multi_json (~> 1.0)
      multi_xml
    httpi (1.1.1)
      rack
    i18n (0.6.1)
    interactive_editor (0.0.10)
      spoon (>= 0.0.1)
    irbtools (1.2.3)
      awesome_print (~> 1.0.2)
      boson (~> 1.2.4)
      clipboard (~> 1.0.1)
      coderay (~> 1.0.7)
      every_day_irb (>= 1.2.3)
      fancy_irb (>= 0.7.2)
      g (>= 1.7.1)
      hirb (~> 0.7.0)
      interactive_editor (>= 0.0.10)
      method_locator (>= 0.0.4)
      method_source (>= 0.8.0)
      methodfinder (>= 1.2.5)
      ori (~> 0.1.0)
      paint (>= 0.8.5)
      sketches (>= 0.1.1)
      wirb (>= 0.4.2)
      zucker (>= 12.1)
    journey (1.0.4)
    jquery-rails (2.1.4)
      railties (>= 3.0, < 5.0)
      thor (>= 0.14, < 2.0)
    json (1.7.5)
    kaminari (0.13.0)
      actionpack (>= 3.0.0)
      activesupport (>= 3.0.0)
      railties (>= 3.0.0)
    kgio (2.7.4)
    launchy (2.1.2)
      addressable (~> 2.3)
    letter_opener (1.0.0)
      launchy (>= 2.0.4)
    libv8 (3.3.10.4)
    mail (2.4.4)
      i18n (>= 0.4.0)
      mime-types (~> 1.16)
      treetop (~> 1.4.8)
    mechanize (2.5.1)
      domain_name (~> 0.5, >= 0.5.1)
      mime-types (~> 1.17, >= 1.17.2)
      net-http-digest_auth (~> 1.1, >= 1.1.1)
      net-http-persistent (~> 2.5, >= 2.5.2)
      nokogiri (~> 1.4)
      ntlm-http (~> 0.1, >= 0.1.1)
      webrobots (~> 0.0, >= 0.0.9)
    method_locator (0.0.4)
    method_source (0.8.1)
    methodfinder (1.2.5)
    mime-types (1.19)
    money (5.0.0)
      i18n (~> 0.4)
      json
    multi_json (1.4.0)
    multi_xml (0.5.1)
    net-http-digest_auth (1.2.1)
    net-http-persistent (2.8)
    net-scp (1.0.4)
      net-ssh (>= 1.99.1)
    net-sftp (2.0.5)
      net-ssh (>= 2.0.9)
    net-ssh (2.6.2)
    net-ssh-gateway (1.1.0)
      net-ssh (>= 1.99.1)
    nokogiri (1.5.5)
    nori (1.1.3)
    ntlm-http (0.1.1)
    ori (0.1.0)
    orm_adapter (0.0.7)
    paint (0.8.5)
    paperclip (2.8.0)
      activerecord (>= 2.3.0)
      activesupport (>= 2.3.2)
      cocaine (>= 0.0.2)
      mime-types
    pg (0.14.1)
    polyamorous (0.5.0)
      activerecord (~> 3.0)
    polyglot (0.3.3)
    rabl (0.7.2)
      activesupport (>= 2.3.14)
      multi_json (~> 1.0)
    rack (1.4.1)
    rack-cache (1.2)
      rack (>= 0.4)
    rack-ssl (1.3.2)
      rack
    rack-test (0.6.2)
      rack (>= 1.0)
    rails (3.2.9)
      actionmailer (= 3.2.9)
      actionpack (= 3.2.9)
      activerecord (= 3.2.9)
      activeresource (= 3.2.9)
      activesupport (= 3.2.9)
      bundler (~> 1.0)
      railties (= 3.2.9)
    rails-i18n (0.7.0)
      i18n (~> 0.5)
    railties (3.2.9)
      actionpack (= 3.2.9)
      activesupport (= 3.2.9)
      rack-ssl (~> 1.3.2)
      rake (>= 0.8.7)
      rdoc (~> 3.4)
      thor (>= 0.14.6, < 2.0)
    raindrops (0.10.0)
    rake (10.0.2)
    ransack (0.7.0)
      actionpack (~> 3.0)
      activerecord (~> 3.0)
      polyamorous (~> 0.5.0)
    rdoc (3.12)
      json (~> 1.4)
    roadie (2.3.4)
      actionmailer (> 3.0.0, < 3.3.0)
      css_parser
      nokogiri (>= 1.4.4)
      sprockets
    rvm-capistrano (1.2.7)
      capistrano (>= 2.0.0)
    sass (3.2.3)
    sass-rails (3.2.5)
      railties (~> 3.2.0)
      sass (>= 3.1.10)
      tilt (~> 1.3)
    savon (1.2.0)
      akami (~> 1.2.0)
      builder (>= 2.1.2)
      gyoku (~> 0.4.5)
      httpi (~> 1.1.0)
      nokogiri (>= 1.4.0)
      nori (~> 1.1.0)
      wasabi (~> 2.5.0)
    select2-rails (3.2.1)
      thor (~> 0.14)
    sketches (0.1.1)
    spoon (0.0.1)
    spree (1.2.2)
      spree_api (= 1.2.2)
      spree_cmd (= 1.2.2)
      spree_core (= 1.2.2)
      spree_dash (= 1.2.2)
      spree_promo (= 1.2.2)
      spree_sample (= 1.2.2)
    spree_api (1.2.2)
      spree_core (= 1.2.2)
    spree_cmd (1.2.2)
      thor (>= 0.14.6)
    spree_core (1.2.2)
      activemerchant (= 1.28.0)
      acts_as_list (= 0.1.4)
      awesome_nested_set (= 2.1.4)
      aws-sdk (~> 1.3.4)
      cancan (= 1.6.7)
      deface (>= 0.9.0)
      ffaker (~> 1.12.0)
      highline (= 1.6.11)
      jquery-rails (~> 2.0)
      kaminari (= 0.13.0)
      money (= 5.0.0)
      paperclip (~> 2.8)
      rabl (= 0.7.2)
      rails (~> 3.2.9)
      ransack (~> 0.7.0)
      select2-rails (~> 3.0)
      state_machine (= 1.1.2)
      stringex (~> 1.3.2)
    spree_dash (1.2.2)
      httparty (~> 0.8.1)
      spree_core (= 1.2.2)
    spree_promo (1.2.2)
      spree_core (= 1.2.2)
    spree_sample (1.2.2)
      spree_core (= 1.2.2)
    spree_skrill (1.0.2)
      spree_core (>= 1.0.0)
    spree_usa_epay (1.0.2)
      savon
      spree_core (>= 1.0.0)
    sprockets (2.2.2)
      hike (~> 1.2)
      multi_json (~> 1.0)
      rack (~> 1.0)
      tilt (~> 1.1, != 1.3.0)
    state_machine (1.1.2)
    stringex (1.3.3)
    therubyracer (0.10.2)
      libv8 (~> 3.3.10)
    thor (0.16.0)
    tilt (1.3.3)
    treetop (1.4.12)
      polyglot
      polyglot (>= 0.3.1)
    turbo-sprockets-rails3 (0.3.2)
      railties (> 3.2.8, < 4.0.0)
      sprockets (>= 2.0.0)
    tzinfo (0.3.35)
    uglifier (1.3.0)
      execjs (>= 0.3.0)
      multi_json (~> 1.0, >= 1.0.2)
    unf (0.0.5)
      unf_ext
    unf_ext (0.0.5)
    unicode-display_width (0.1.1)
    unicorn (4.4.0)
      kgio (~> 2.6)
      rack
      raindrops (~> 0.7)
    uniform_notifier (1.1.0)
    uuidtools (2.1.3)
    warden (1.1.1)
      rack (>= 1.0)
    wasabi (2.5.1)
      httpi (~> 1.0)
      nokogiri (>= 1.4.0)
    webrobots (0.0.13)
    whenever (0.7.3)
      activesupport (>= 2.3.4)
      chronic (~> 0.6.3)
    wirb (0.4.2)
    zucker (12.1)

PLATFORMS
  ruby

DEPENDENCIES
  bootstrap-sass
  bullet
  capistrano
  capistrano-unicorn
  coffee-rails
  css3-progress-bar-rails
  devise-i18n
  foreman
  haml
  haml-rails
  irbtools
  jquery-rails
  letter_opener
  mechanize
  pg
  rails (= 3.2.9)
  rails-i18n
  roadie
  rvm-capistrano
  sass-rails
  spree (= 1.2.2)
  spree_addings_for_rodaben!
  spree_auth_devise!
  spree_contact_us!
  spree_cycle!
  spree_i18n!
  spree_load_tires_for_rodaben!
  spree_news!
  spree_paypal_express!
  spree_search_rodaben!
  spree_skrill
  spree_suppliers!
  spree_usa_epay
  spree_workshop!
  therubyracer
  turbo-sprockets-rails3
  uglifier (>= 1.0.3)
  unicorn
  whenever (~> 0.7.3)
